GEM
  remote: https://rubygems.org/
  specs:
    sass (3.3.6)
    zurb-foundation (4.3.2)
      sass (>= 3.2.0)

PLATFORMS
  ruby

DEPENDENCIES
  zurb-foundation
